GEM
  remote: https://rubygems.org/
  specs:
    concurrent-ruby (1.0.5)
    daemons (1.2.6)
    dry-configurable (0.7.0)
      concurrent-ruby (~> 1.0)
    dry-container (0.6.0)
      concurrent-ruby (~> 1.0)
      dry-configurable (~> 0.1, >= 0.1.3)
    eventmachine (1.2.7)
    happymapper (0.5.0)
      libxml-ruby (~> 2.9)
    iconv (1.0.5)
    ipgeobase (0.1.2)
      happymapper
      iconv
    json (1.8.6)
    libxml-ruby (2.9.0)
    mustermann (1.0.3)
    open-weather (0.12.0)
      json (~> 1)
    rack (2.0.5)
    rack-protection (2.0.4)
      rack
    sinatra (2.0.4)
      mustermann (~> 1.0)
      rack (~> 2.0)
      rack-protection (= 2.0.4)
      tilt (~> 2.0)
    thin (1.7.2)
      daemons (~> 1.0, >= 1.0.9)
      eventmachine (~> 1.0, >= 1.0.4)
      rack (>= 1, < 3)
    thread_safe (0.3.6)
    tilt (2.0.8)

PLATFORMS
  ruby

DEPENDENCIES
  dry-container
  ipgeobase
  open-weather
  sinatra
  thin
  thread_safe

BUNDLED WITH
   1.16.3
